PATH
  remote: .
  specs:
    mutant (0.10.11)
      abstract_type (~> 0.0.7)
      adamantium (~> 0.2.0)
      anima (~> 0.3.1)
      ast (~> 2.2)
      concord (~> 0.1.5)
      diff-lcs (~> 1.3)
      equalizer (~> 0.0.9)
      ice_nine (~> 0.11.1)
      memoizable (~> 0.4.2)
      mprelude (~> 0.1.0)
      parser (~> 2.7.1)
      procto (~> 0.0.2)
      unparser (~> 0.5.4)
      variable (~> 0.0.1)

GEM
  remote: https://rubygems.org/
  remote: https://oss:Px2ENN7S91OmWaD5G7MIQJi1dmtmYrEh@gem.mutant.dev/
  specs:
    abstract_type (0.0.7)
    adamantium (0.2.0)
      ice_nine (~> 0.11.0)
      memoizable (~> 0.4.0)
    anima (0.3.2)
      abstract_type (~> 0.0.7)
      adamantium (~> 0.2)
      equalizer (~> 0.0.11)
    ast (2.4.1)
    concord (0.1.6)
      adamantium (~> 0.2.0)
      equalizer (~> 0.0.9)
    diff-lcs (1.4.4)
    equalizer (0.0.11)
    ice_nine (0.11.2)
    memoizable (0.4.2)
      thread_safe (~> 0.3, >= 0.3.1)
    mprelude (0.1.0)
      abstract_type (~> 0.0.7)
      adamantium (~> 0.2.0)
      concord (~> 0.1.5)
      equalizer (~> 0.0.9)
      ice_nine (~> 0.11.1)
      procto (~> 0.0.2)
    mutant-license (0.1.1.2.2355046999240944981729280251890364410689.1)
    parallel (1.20.1)
    parser (2.7.2.0)
      ast (~> 2.4.1)
    procto (0.0.3)
    rainbow (3.0.0)
    regexp_parser (2.0.0)
    rexml (3.2.4)
    rspec (3.10.0)
      rspec-core (~> 3.10.0)
      rspec-expectations (~> 3.10.0)
      rspec-mocks (~> 3.10.0)
    rspec-core (3.10.0)
      rspec-support (~> 3.10.0)
    rspec-expectations (3.10.0)
      diff-lcs (>= 1.2.0, < 2.0)
      rspec-support (~> 3.10.0)
    rspec-its (1.3.0)
      rspec-core (>= 3.0.0)
      rspec-expectations (>= 3.0.0)
    rspec-mocks (3.10.0)
      diff-lcs (>= 1.2.0, < 2.0)
      rspec-support (~> 3.10.0)
    rspec-support (3.10.0)
    rubocop (1.5.0)
      parallel (~> 1.10)
      parser (>= 2.7.1.5)
      rainbow (>= 2.2.2, < 4.0)
      regexp_parser (>= 2.0)
      rexml
      rubocop-ast (>= 1.2.0)
      ruby-progressbar (~> 1.7)
      unicode-display_width (>= 1.4.0, < 2.0)
    rubocop-ast (1.3.0)
      parser (>= 2.7.1.5)
    ruby-progressbar (1.10.1)
    thread_safe (0.3.6)
    unicode-display_width (1.7.0)
    unparser (0.5.4)
      abstract_type (~> 0.0.7)
      adamantium (~> 0.2.0)
      anima (~> 0.3.1)
      concord (~> 0.1.5)
      diff-lcs (~> 1.3)
      equalizer (~> 0.0.9)
      mprelude (~> 0.1.0)
      parser (>= 2.6.5)
      procto (~> 0.0.2)
    variable (0.0.1)
      equalizer (~> 0.0.11)

PLATFORMS
  ruby

DEPENDENCIES
  mutant!
  mutant-license!
  parallel (~> 1.3)
  rspec (~> 3.10)
  rspec-core (~> 3.10)
  rspec-its (~> 1.3.0)
  rubocop (~> 1.2)

BUNDLED WITH
   2.1.4
